GEM
  remote: https://rubygems.org/
  specs:
    faraday (0.9.1)
      multipart-post (>= 1.2, < 3)
    faraday_middleware (0.10.0)
      faraday (>= 0.7.4, < 0.10)
    feedlr (0.1.0)
      faraday (~> 0.9)
      faraday_middleware (~> 0.9)
      hashie (~> 2.0)
      multi_json (~> 1.0)
      multi_xml (~> 0.5)
    hashie (2.1.2)
    json (1.8.3)
    multi_json (1.11.2)
    multi_xml (0.5.5)
    multipart-post (2.0.0)
    rack (1.6.4)
    rack-protection (1.5.3)
      rack
    redis (3.2.1)
    sinatra (1.4.6)
      rack (~> 1.4)
      rack-protection (~> 1.4)
      tilt (>= 1.3, < 3)
    sinatra-cross_origin (0.3.2)
    tilt (2.0.1)

PLATFORMS
  ruby

DEPENDENCIES
  feedlr
  json
  redis
  sinatra
  sinatra-cross_origin

BUNDLED WITH
   1.10.4
